GEM
  remote: https://rubygems.org/
  specs:
    RedCloth (4.3.2)
    activesupport (5.1.1)
      i18n (= 0.8.1)
      json (= 2.1.0)
      minitest (= 5.10.2)
      thread_safe (= 0.3.6)
      tzinfo (= 1.2.3)
    blankslate (3.1.3)
    celluloid (0.17.3)
      timers (~> 4.0.0)
    classifier-reborn (2.0.1)
      fast-stemmer (~> 1.0)
    coffee-script (2.3.0)
      coffee-script-source
      execjs
    coffee-script-source (1.8.0)
    colorator (1.1.0)
    execjs (2.2.1)
    fast-stemmer (1.0.2)
    ffi (1.9.3)
    gemoji (2.1.0)
    github-pages (27)
      RedCloth (= 4.3.2)
      jekyll (>= 2.3.0)
      jekyll-coffeescript (= 1.0.0)
      jekyll-mentions (= 0.1.3)
      jekyll-redirect-from (= 0.6.2)
      jekyll-sass-converter (= 1.2.0)
      jekyll-sitemap (= 0.6.0)
      jemoji (= 0.3.0)
      kramdown (= 1.3.1)
      liquid (= 2.6.1)
      maruku (= 0.7.0)
      pygments.rb (= 0.6.0)
      rdiscount (= 2.1.7)
      redcarpet (= 3.1.2)
    hike (1.2.3)
    hitimes (1.2.2)
    html-pipeline (1.9.0)
      activesupport (>= 5.1.1)
      nokogiri (~> 1.4)
    i18n (0.8.1)
    jekyll (2.3.0)
      classifier-reborn (~> 2.0)
      colorator (~> 0.1)
      jekyll-coffeescript (~> 1.0)
      jekyll-gist (~> 1.0)
      jekyll-paginate (~> 1.0)
      jekyll-sass-converter (~> 1.0)
      jekyll-watch (~> 1.1)
      kramdown (~> 1.3)
      liquid (~> 2.6.1)
      mercenary (~> 0.3.3)
      pygments.rb (~> 0.6.0)
      redcarpet (~> 3.1)
      safe_yaml (~> 1.0)
      toml (~> 0.1.0)
    jekyll-assets (0.10.0)
      jekyll (~> 2.0)
      sass (~> 3.2)
      sprockets (~> 2.10)
      sprockets-helpers
      sprockets-sass
    jekyll-coffeescript (1.0.0)
      coffee-script (~> 2.2)
    jekyll-gist (1.1.0)
    jekyll-mentions (0.1.3)
      html-pipeline (~> 1.9.0)
      jekyll (~> 2.0)
    jekyll-paginate (1.0.0)
    jekyll-redirect-from (0.6.2)
      jekyll (~> 2.0)
    jekyll-sass-converter (1.5.0)
      sass (~> 3.2)
    jekyll-sitemap (0.6.0)
    jekyll-watch (1.1.1)
      listen (~> 2.7)
    jemoji (0.3.0)
      gemoji (~> 2.0)
      html-pipeline (~> 1.9)
      jekyll (~> 2.0)
    json (2.1.0)
    kramdown (1.13.2)
    liquid (3.0.6)
    listen (2.7.9)
      celluloid (= 0.17.3)
      rb-fsevent (>= 0.9.3)
      rb-inotify (>= 0.9)
    maruku (0.7.0)
    mercenary (0.3.6)
    mini_portile (0.6.0)
    minitest (5.10.2)
    multi_json (1.10.1)
    nokogiri (1.6.3.1)
      mini_portile (= 0.6.0)
    parslet (1.5.0)
      blankslate (= 3.1.3)
    posix-spawn (0.3.9)
    pygments.rb (0.6.0)
      posix-spawn (~> 0.3.6)
      yajl-ruby (~> 1.1.0)
    rack (1.5.2)
    rake (10.3.2)
    rb-fsevent (0.9.4)
    rb-inotify (0.9.5)
      ffi (>= 0.5.0)
    rdiscount (2.1.7)
    redcarpet (3.1.2)
    safe_yaml (1.0.4)
    sass (3.4.24)
    sprockets (2.12.2)
      hike (~> 1.2)
      multi_json (~> 1.0)
      rack (~> 1.0)
      tilt (~> 1.1, != 1.3.0)
    sprockets-helpers (1.1.0)
      sprockets (~> 2.0)
    sprockets-sass (1.2.0)
      sprockets (~> 2.0)
      tilt (~> 1.1)
    thread_safe (0.3.6)
    tilt (1.4.1)
    timers (4.0.1)
      hitimes
    toml (0.1.1)
      parslet (~> 1.5.0)
    tzinfo (1.2.3)
      thread_safe (= 0.3.6)
    uglifier (2.5.3)
      execjs (>= 0.3.0)
      json (>= 2.1.0)
    yajl-ruby (1.1.0)

PLATFORMS
  ruby

DEPENDENCIES
  github-pages
  jekyll
  jekyll-assets
  jemoji
  kramdown
  rake
  sass
  uglifier

BUNDLED WITH
   1.15.0
